GEM
  remote: https://intgems.local.corp.stripe.com:446/
  specs:
    afl (0.0.2)

PLATFORMS
  ruby

DEPENDENCIES
  afl

BUNDLED WITH
   1.16.2
